GEM
  remote: http://rubygems.org/
  specs:
    RedCloth (4.2.8)
    albino (1.3.3)
      posix-spawn (>= 0.3.6)
    diff-lcs (1.1.3)
    github-markup (0.5.3)
    gollum (1.3.1)
      albino (~> 1.3.2)
      github-markup (< 1.0.0, >= 0.4.0)
      grit (~> 2.4.1)
      mustache (< 1.0.0, >= 0.11.2)
      nokogiri (~> 1.4)
      redcarpet
      sanitize (~> 2.0.0)
      sinatra (~> 1.0)
    grit (2.4.1)
      diff-lcs (~> 1.1)
      mime-types (~> 1.15)
    mime-types (1.17.2)
    mustache (0.99.4)
    nokogiri (1.5.0)
    posix-spawn (0.3.6)
    rack (1.3.5)
    redcarpet (1.17.2)
    sanitize (2.0.3)
      nokogiri (< 1.6, >= 1.4.4)
    sinatra (1.2.6)
      rack (~> 1.1)
      tilt (< 2.0, >= 1.2.2)
    tilt (1.3.3)

PLATFORMS
  ruby

DEPENDENCIES
  RedCloth (= 4.2.8)
  gollum (= 1.3.1)
  grit (= 2.4.1)
  mustache (= 0.99.4)
  sinatra (= 1.2.6)
